GIT
  remote: git://github.com/jnicklas/carrierwave.git
  revision: 34d9848b0ded56a7c2911c18bbc1fcde5aa944e2
  branch: master
  specs:
    carrierwave (0.5.4)
      activesupport (~> 3.0)

GIT
  remote: git://github.com/madebydna/nested_form.git
  revision: bce54d4741ef698de7bcdc97cb86010812dbf81f
  specs:
    nested_form (0.0.0)

GEM
  remote: http://rubygems.org/
  specs:
    abstract (1.0.0)
    actionmailer (3.0.9)
      actionpack (= 3.0.9)
      mail (~> 2.2.19)
    actionpack (3.0.9)
      activemodel (= 3.0.9)
      activesupport (= 3.0.9)
      builder (~> 2.1.2)
      erubis (~> 2.6.6)
      i18n (~> 0.5.0)
      rack (~> 1.2.1)
      rack-mount (~> 0.6.14)
      rack-test (~> 0.5.7)
      tzinfo (~> 0.3.23)
    activemodel (3.0.9)
      activesupport (= 3.0.9)
      builder (~> 2.1.2)
      i18n (~> 0.5.0)
    activerecord (3.0.9)
      activemodel (= 3.0.9)
      activesupport (= 3.0.9)
      arel (~> 2.0.10)
      tzinfo (~> 0.3.23)
    activeresource (3.0.9)
      activemodel (= 3.0.9)
      activesupport (= 3.0.9)
    activesupport (3.0.9)
    archive-tar-minitar (0.5.2)
    arel (2.0.10)
    authlogic (3.0.3)
      activerecord (>= 3.0.7)
      activerecord (>= 3.0.7)
    babosa (0.3.5)
    builder (2.1.2)
    columnize (0.3.3)
    diff-lcs (1.1.2)
    erubis (2.6.6)
      abstract (>= 1.0.0)
    factory_girl (2.0.0.beta2)
    factory_girl_rails (1.1.beta1)
      factory_girl (~> 2.0.0.beta)
      rails (>= 3.0.0)
    friendly_id (3.2.1.1)
      babosa (~> 0.3.0)
    haml (3.1.2)
    i18n (0.5.0)
    jquery-rails (1.0.12)
      railties (~> 3.0)
      thor (~> 0.14)
    kaminari (0.12.4)
      rails (>= 3.0.0)
    kgio (2.5.0)
    linecache19 (0.5.12)
      ruby_core_source (>= 0.1.4)
    mail (2.2.19)
      activesupport (>= 2.3.6)
      i18n (>= 0.4.0)
      mime-types (~> 1.16)
      treetop (~> 1.4.8)
    mime-types (1.16)
    nokogiri (1.4.6)
    polyglot (0.3.1)
    rack (1.2.3)
    rack-mount (0.6.14)
      rack (>= 1.0.0)
    rack-test (0.5.7)
      rack (>= 1.0)
    railroady (1.0.2)
    rails (3.0.9)
      actionmailer (= 3.0.9)
      actionpack (= 3.0.9)
      activerecord (= 3.0.9)
      activeresource (= 3.0.9)
      activesupport (= 3.0.9)
      bundler (~> 1.0)
      railties (= 3.0.9)
    rails_config (0.2.4)
      activesupport (>= 3.0)
    railties (3.0.9)
      actionpack (= 3.0.9)
      activesupport (= 3.0.9)
      rake (>= 0.8.7)
      rdoc (~> 3.4)
      thor (~> 0.14.4)
    rake (0.9.2)
    rdoc (3.6.1)
    rspec (2.0.0.beta.12)
      rspec-core (= 2.0.0.beta.12)
      rspec-expectations (= 2.0.0.beta.12)
      rspec-mocks (= 2.0.0.beta.12)
    rspec-core (2.0.0.beta.12)
    rspec-expectations (2.0.0.beta.12)
      diff-lcs (>= 1.1.2)
    rspec-mocks (2.0.0.beta.12)
    rspec-rails (2.0.0.beta.12)
      rspec (= 2.0.0.beta.12)
      webrat (>= 0.7.0)
    ruby-debug-base19 (0.11.25)
      columnize (>= 0.3.1)
      linecache19 (>= 0.5.11)
      ruby_core_source (>= 0.1.4)
    ruby-debug19 (0.11.6)
      columnize (>= 0.3.1)
      linecache19 (>= 0.5.11)
      ruby-debug-base19 (>= 0.11.19)
    ruby_core_source (0.1.5)
      archive-tar-minitar (>= 0.5.2)
    sass (3.1.3)
    shoulda (2.11.3)
    simplecov (0.4.2)
      simplecov-html (~> 0.4.4)
    simplecov-html (0.4.5)
    smurf (1.0.6)
    sqlite3 (1.3.3)
    thor (0.14.6)
    treetop (1.4.9)
      polyglot (>= 0.3.1)
    tzinfo (0.3.28)
    unicorn (3.7.0)
      kgio (~> 2.3)
      rack
    webrat (0.7.3)
      nokogiri (>= 1.2.0)
      rack (>= 1.0)
      rack-test (>= 0.5.3)

PLATFORMS
  ruby

DEPENDENCIES
  authlogic
  carrierwave!
  factory_girl_rails (= 1.1.beta1)
  friendly_id (~> 3.2)
  haml
  jquery-rails
  kaminari
  nested_form!
  railroady
  rails (= 3.0.9)
  rails_config
  rspec-rails (= 2.0.0.beta.12)
  ruby-debug19
  sass
  shoulda
  simplecov (>= 0.3.8)
  smurf
  sqlite3
  unicorn
